PATH
  remote: ../..
  specs:
    opal (1.0.0)
      ast (>= 2.3.0)
      parser (~> 2.6)

GEM
  remote: https://rubygems.org/
  specs:
    ast (2.4.0)
    c_lexer (2.6.4.1.1)
      ast (~> 2.4.0)
      parser (= 2.6.4.1)
    parser (2.6.4.1)
      ast (~> 2.4.0)
    rack (2.2.2)

PLATFORMS
  ruby

DEPENDENCIES
  c_lexer
  opal!
  rack

BUNDLED WITH
   2.1.4
